PATH
  remote: .
  specs:
    timr (0.1.0.pre.dev.10)
      curses (~> 1.0)
      thefox-ext (~> 1.4)
      uuid (~> 2.3)

GEM
  remote: https://rubygems.org/
  specs:
    curses (1.0.2)
    macaddr (1.7.1)
      systemu (~> 2.6.2)
    minitest (5.8.4)
    systemu (2.6.5)
    thefox-ext (1.4.1)
    uuid (2.3.8)
      macaddr (~> 1.0)

PLATFORMS
  ruby

DEPENDENCIES
  minitest (~> 5.8)
  timr!

BUNDLED WITH
   1.12.3
